PATH
  remote: .
  specs:
    jirastorm (0.1.0)
      jira-ruby
      mixlib-config
      rest-client
      thor

GEM
  remote: https://rubygems.org/
  specs:
    activesupport (4.2.4)
      i18n (~> 0.7)
      json (~> 1.7, >= 1.7.7)
      minitest (~> 5.1)
      thread_safe (~> 0.3, >= 0.3.4)
      tzinfo (~> 1.1)
    ast (2.1.0)
    astrolabe (1.3.1)
      parser (~> 2.2)
    domain_name (0.5.25)
      unf (>= 0.0.5, < 1.0.0)
    highline (1.7.8)
    http-cookie (1.0.2)
      domain_name (~> 0.5)
    i18n (0.7.0)
    jira-ruby (0.1.16)
      activesupport
      oauth (~> 0.4.7)
    json (1.8.3)
    mime-types (2.6.2)
    minitest (5.8.2)
    mixlib-config (2.2.1)
    netrc (0.10.3)
    oauth (0.4.7)
    parser (2.2.3.0)
      ast (>= 1.1, < 3.0)
    powerpack (0.1.1)
    rainbow (2.0.0)
    rake (10.4.2)
    rest-client (1.8.0)
      http-cookie (>= 1.0.2, < 2.0)
      mime-types (>= 1.16, < 3.0)
      netrc (~> 0.7)
    rubocop (0.34.2)
      astrolabe (~> 1.3)
      parser (>= 2.2.2.5, < 3.0)
      powerpack (~> 0.1)
      rainbow (>= 1.99.1, < 3.0)
      ruby-progressbar (~> 1.4)
    ruby-progressbar (1.7.5)
    thor (0.19.1)
    thread_safe (0.3.5)
    tzinfo (1.2.2)
      thread_safe (~> 0.1)
    unf (0.1.4)
      unf_ext
    unf_ext (0.0.7.1)

PLATFORMS
  ruby

DEPENDENCIES
  bundler (~> 1.6)
  highline
  jirastorm!
  rake
  rubocop
